PATH
  remote: .
  specs:
    dingtalk-cli (0.0.2)

GEM
  remote: https://rubygems.org/
  specs:
    claide (1.0.3)
    diff-lcs (1.3)
    faraday (0.17.3)
      multipart-post (>= 1.2, < 3)
    faraday_middleware (0.14.0)
      faraday (>= 0.7.4, < 1.0)
    multipart-post (2.1.1)
    rake (12.3.3)
    rspec (3.9.0)
      rspec-core (~> 3.9.0)
      rspec-expectations (~> 3.9.0)
      rspec-mocks (~> 3.9.0)
    rspec-core (3.9.1)
      rspec-support (~> 3.9.1)
    rspec-expectations (3.9.0)
      diff-lcs (>= 1.2.0, < 2.0)
      rspec-support (~> 3.9.0)
    rspec-mocks (3.9.1)
      diff-lcs (>= 1.2.0, < 2.0)
      rspec-support (~> 3.9.0)
    rspec-support (3.9.2)

PLATFORMS
  ruby

DEPENDENCIES
  claide (~> 1.0, >= 1.0.3)
  dingtalk-cli!
  faraday
  faraday_middleware (~> 0.14.0)
  rake (~> 12.0)
  rspec (~> 3.0)

BUNDLED WITH
   2.1.4
